PATH
  remote: ./environment_inhabitants_statistics_nano_stanza
  specs:
    environment_inhabitants_statistics_nano_stanza (0.0.1)
      togostanza

PATH
  remote: ./environment_organism_distribution_on_ph_nano_stanza
  specs:
    environment_organism_distribution_on_ph_nano_stanza (0.0.1)
      togostanza

PATH
  remote: ./environment_organism_distribution_on_temperature_nano_stanza
  specs:
    environment_organism_distribution_on_temperature_nano_stanza (0.0.1)
      togostanza

PATH
  remote: ./organism_gc_nano_stanza
  specs:
    organism_gc_nano_stanza (0.0.1)
      togostanza

PATH
  remote: ./organism_gene_number_nano_stanza
  specs:
    organism_gene_number_nano_stanza (0.0.1)
      togostanza

PATH
  remote: ./organism_genome_size_nano_stanza
  specs:
    organism_genome_size_nano_stanza (0.0.1)
      togostanza

PATH
  remote: ./organism_ph_nano_stanza
  specs:
    organism_ph_nano_stanza (0.0.1)
      togostanza

PATH
  remote: ./protein_3d_structure_nano_stanza
  specs:
    protein_3d_structure_nano_stanza (0.0.1)
      togostanza

PATH
  remote: ./protein_ec_number_nano_stanza
  specs:
    protein_ec_number_nano_stanza (0.0.1)
      togostanza

PATH
  remote: ./protein_references_timeline_nano_stanza
  specs:
    protein_references_timeline_nano_stanza (0.0.1)
      togostanza

GEM
  remote: https://rubygems.org/
  specs:
    activesupport (4.0.3)
      i18n (~> 0.6, >= 0.6.4)
      minitest (~> 4.2)
      multi_json (~> 1.3)
      thread_safe (~> 0.1)
      tzinfo (~> 0.3.37)
    atomic (1.1.14)
    backports (3.6.0)
    ffi (1.9.3)
    flavour_saver (0.3.1)
      rltk (~> 2.2.0)
      tilt
    haml (4.0.5)
      tilt
    hashie (2.0.5)
    hike (1.2.3)
    i18n (0.6.9)
    json (1.8.1)
    kgio (2.9.2)
    minitest (4.7.5)
    multi_json (1.8.4)
    net-http-persistent (2.9.4)
    parallel (0.9.2)
    rack (1.5.2)
    rack-protection (1.5.2)
      rack
    rack-test (0.6.2)
      rack (>= 1.0)
    raindrops (0.13.0)
    rdf (1.1.2.1)
    redcarpet (3.1.1)
    rltk (2.2.1)
      ffi (>= 1.0.0)
    sinatra (1.4.4)
      rack (~> 1.4)
      rack-protection (~> 1.4)
      tilt (~> 1.3, >= 1.3.4)
    sinatra-contrib (1.4.2)
      backports (>= 2.0)
      multi_json
      rack-protection
      rack-test
      sinatra (~> 1.4.0)
      tilt (~> 1.3)
    sparql-client (1.1.1)
      json (>= 1.8)
      net-http-persistent (>= 1.4)
      rdf (>= 1.1)
    sprockets (2.11.0)
      hike (~> 1.2)
      multi_json (~> 1.0)
      rack (~> 1.0)
      tilt (~> 1.1, != 1.3.0)
    thor (0.18.1)
    thread_safe (0.1.3)
      atomic
    tilt (1.4.1)
    togostanza (1.0.3)
      activesupport
      flavour_saver
      haml
      hashie
      parallel
      redcarpet
      sinatra
      sinatra-contrib
      sparql-client
      sprockets
      thor
    tzinfo (0.3.38)
    unicorn (4.8.2)
      kgio (~> 2.6)
      rack
      raindrops (~> 0.7)

PLATFORMS
  ruby

DEPENDENCIES
  environment_inhabitants_statistics_nano_stanza!
  environment_organism_distribution_on_ph_nano_stanza!
  environment_organism_distribution_on_temperature_nano_stanza!
  organism_gc_nano_stanza!
  organism_gene_number_nano_stanza!
  organism_genome_size_nano_stanza!
  organism_ph_nano_stanza!
  protein_3d_structure_nano_stanza!
  protein_ec_number_nano_stanza!
  protein_references_timeline_nano_stanza!
  togostanza
  unicorn
