GIT
  remote: git://github.com/togostanza/togostanza-gem.git
  revision: 85a4706a9eaf43a9315bd2e0f26e55d8f3d15a27
  branch: desigin
  specs:
    togostanza (1.0.5)
      activesupport
      flavour_saver
      haml
      hashie
      parallel
      redcarpet
      sinatra
      sinatra-contrib
      sparql-client
      sprockets
      thor

PATH
  remote: ./environment_inhabitants_statistics_nano_stanza
  specs:
    environment_inhabitants_statistics_nano_stanza (0.0.1)
      togostanza

PATH
  remote: ./environment_organism_distribution_on_ph_nano_stanza
  specs:
    environment_organism_distribution_on_ph_nano_stanza (0.0.1)
      togostanza

PATH
  remote: ./environment_organism_distribution_on_temperature_nano_stanza
  specs:
    environment_organism_distribution_on_temperature_nano_stanza (0.0.1)
      togostanza

PATH
  remote: ./environment_top_level_symbolic_image_nano_stanza
  specs:
    environment_top_level_symbolic_image_nano_stanza (0.0.1)
      togostanza

PATH
  remote: ./gene_length_nano_stanza
  specs:
    gene_length_nano_stanza (0.0.1)
      togostanza

PATH
  remote: ./organism_gc_nano_stanza
  specs:
    organism_gc_nano_stanza (0.0.1)
      togostanza

PATH
  remote: ./organism_gene_number_nano_stanza
  specs:
    organism_gene_number_nano_stanza (0.0.1)
      togostanza

PATH
  remote: ./organism_genome_size_nano_stanza
  specs:
    organism_genome_size_nano_stanza (0.0.1)
      togostanza

PATH
  remote: ./organism_microbial_cell_shape_nano_stanza
  specs:
    organism_microbial_cell_shape_nano_stanza (0.0.1)
      togostanza

PATH
  remote: ./organism_ph_nano_stanza
  specs:
    organism_ph_nano_stanza (0.0.1)
      togostanza

PATH
  remote: ./organism_related_disease_nano_stanza
  specs:
    organism_related_disease_nano_stanza (0.0.1)
      togostanza

PATH
  remote: ./protein_3d_structure_nano_stanza
  specs:
    protein_3d_structure_nano_stanza (0.0.1)
      togostanza

PATH
  remote: ./protein_ec_number_nano_stanza
  specs:
    protein_ec_number_nano_stanza (0.0.1)
      togostanza

PATH
  remote: ./protein_references_timeline_nano_stanza
  specs:
    protein_references_timeline_nano_stanza (0.0.1)
      togostanza

GEM
  remote: https://rubygems.org/
  specs:
    activesupport (4.1.4)
      i18n (~> 0.6, >= 0.6.9)
      json (~> 1.7, >= 1.7.7)
      minitest (~> 5.1)
      thread_safe (~> 0.1)
      tzinfo (~> 1.1)
    backports (3.6.0)
    ffi (1.9.3)
    flavour_saver (0.3.2)
      rltk (~> 2.2.0)
      tilt
    haml (4.0.5)
      tilt
    hashie (3.2.0)
    hike (1.2.3)
    i18n (0.6.11)
    json (1.8.1)
    kgio (2.9.2)
    minitest (5.4.0)
    multi_json (1.10.1)
    net-http-persistent (1.9)
    parallel (1.1.2)
    rack (1.5.2)
    rack-protection (1.5.3)
      rack
    rack-test (0.6.2)
      rack (>= 1.0)
    raindrops (0.13.0)
    rdf (1.1.4.3)
    redcarpet (3.1.2)
    rltk (2.2.1)
      ffi (>= 1.0.0)
    sinatra (1.4.5)
      rack (~> 1.4)
      rack-protection (~> 1.4)
      tilt (~> 1.3, >= 1.3.4)
    sinatra-contrib (1.4.2)
      backports (>= 2.0)
      multi_json
      rack-protection
      rack-test
      sinatra (~> 1.4.0)
      tilt (~> 1.3)
    sparql-client (1.1.2)
      net-http-persistent (~> 1.4)
      rdf (~> 1.1)
    sprockets (2.12.1)
      hike (~> 1.2)
      multi_json (~> 1.0)
      rack (~> 1.0)
      tilt (~> 1.1, != 1.3.0)
    thor (0.19.1)
    thread_safe (0.3.4)
    tilt (1.4.1)
    tzinfo (1.2.1)
      thread_safe (~> 0.1)
    unicorn (4.8.3)
      kgio (~> 2.6)
      rack
      raindrops (~> 0.7)

PLATFORMS
  ruby

DEPENDENCIES
  environment_inhabitants_statistics_nano_stanza!
  environment_organism_distribution_on_ph_nano_stanza!
  environment_organism_distribution_on_temperature_nano_stanza!
  environment_top_level_symbolic_image_nano_stanza!
  gene_length_nano_stanza!
  organism_gc_nano_stanza!
  organism_gene_number_nano_stanza!
  organism_genome_size_nano_stanza!
  organism_microbial_cell_shape_nano_stanza!
  organism_ph_nano_stanza!
  organism_related_disease_nano_stanza!
  protein_3d_structure_nano_stanza!
  protein_ec_number_nano_stanza!
  protein_references_timeline_nano_stanza!
  togostanza!
  unicorn
